GEM
  remote: http://rubygems.org/
  specs:
    chunky_png (1.2.0)
    compass (0.11.1)
      chunky_png (~> 1.1)
      fssm (>= 0.2.7)
      sass (~> 3.1)
    directory_watcher (1.4.0)
    fssm (0.2.7)
    haml (3.1.1)
    rdiscount (1.6.8)
    ruby-aaws (0.7.0)
    sass (3.1.2)

PLATFORMS
  ruby

DEPENDENCIES
  compass
  directory_watcher
  haml
  rdiscount
  ruby-aaws
